GIT
  remote: https://github.com/skoomer/codebreakergem.git
  revision: 2340a1759380dd667ddf9c0a3a2d63375601678f
  branch: develop
  specs:
    codebreaker (0.1.0)

GEM
  remote: https://rubygems.org/
  specs:
    ast (2.4.2)
    circleci (2.0.3)
    coderay (1.1.3)
    colorize (0.8.1)
    concurrent-ruby (1.1.8)
    diff-lcs (1.4.4)
    docile (1.3.5)
    fasterer (0.9.0)
      colorize (~> 0.7)
      ruby_parser (>= 3.14.1)
    i18n (1.8.9)
      concurrent-ruby (~> 1.0)
    lefthook (0.7.2)
    method_source (1.0.0)
    parallel (1.20.1)
    parser (3.0.0.0)
      ast (~> 2.4.1)
    pastel (0.8.0)
      tty-color (~> 0.5)
    pry (0.14.0)
      coderay (~> 1.1)
      method_source (~> 1.0)
    rack (2.2.3)
    rack-test (1.1.0)
      rack (>= 1.0, < 3)
    rainbow (3.0.0)
    regexp_parser (2.1.1)
    rexml (3.2.4)
    rspec (3.10.0)
      rspec-core (~> 3.10.0)
      rspec-expectations (~> 3.10.0)
      rspec-mocks (~> 3.10.0)
    rspec-core (3.10.1)
      rspec-support (~> 3.10.0)
    rspec-expectations (3.10.1)
      diff-lcs (>= 1.2.0, < 2.0)
      rspec-support (~> 3.10.0)
    rspec-mocks (3.10.2)
      diff-lcs (>= 1.2.0, < 2.0)
      rspec-support (~> 3.10.0)
    rspec-support (3.10.2)
    rubocop (1.11.0)
      parallel (~> 1.10)
      parser (>= 3.0.0.0)
      rainbow (>= 2.2.2, < 4.0)
      regexp_parser (>= 1.8, < 3.0)
      rexml
      rubocop-ast (>= 1.2.0, < 2.0)
      ruby-progressbar (~> 1.7)
      unicode-display_width (>= 1.4.0, < 3.0)
    rubocop-ast (1.4.1)
      parser (>= 2.7.1.5)
    rubocop-rspec (2.2.0)
      rubocop (~> 1.0)
      rubocop-ast (>= 1.1.0)
    ruby-progressbar (1.11.0)
    ruby_parser (3.15.1)
      sexp_processor (~> 4.9)
    sexp_processor (4.15.2)
    simplecov (0.21.2)
      docile (~> 1.1)
      simplecov-html (~> 0.11)
      simplecov_json_formatter (~> 0.1)
    simplecov-html (0.12.3)
    simplecov_json_formatter (0.1.2)
    slim (4.1.0)
      temple (>= 0.7.6, < 0.9)
      tilt (>= 2.0.6, < 2.1)
    strings (0.2.1)
      strings-ansi (~> 0.2)
      unicode-display_width (>= 1.5, < 3.0)
      unicode_utils (~> 1.4)
    strings-ansi (0.2.0)
    temple (0.8.2)
    tilt (2.0.10)
    tty-color (0.6.0)
    tty-cursor (0.7.1)
    tty-prompt (0.23.0)
      pastel (~> 0.8)
      tty-reader (~> 0.8)
    tty-reader (0.9.0)
      tty-cursor (~> 0.7)
      tty-screen (~> 0.8)
      wisper (~> 2.0)
    tty-screen (0.8.1)
    tty-table (0.12.0)
      pastel (~> 0.8)
      strings (~> 0.2.0)
      tty-screen (~> 0.8)
    unicode-display_width (2.0.0)
    unicode_utils (1.4.0)
    wisper (2.0.1)

PLATFORMS
  ruby

DEPENDENCIES
  circleci
  codebreaker!
  fasterer
  i18n
  lefthook
  pry
  rack
  rack-test
  rspec
  rubocop
  rubocop-rspec
  simplecov
  slim
  tty-prompt
  tty-table

RUBY VERSION
   ruby 2.7.2p137

BUNDLED WITH
   2.1.4
